GEM
  remote: http://rubygems.org/
  specs:
    git (1.2.5)
    jeweler (1.8.3)
      bundler (~> 1.0)
      git (>= 1.2.5)
      rake
      rdoc
    json (1.6.5)
    multi_json (1.1.0)
    rake (0.9.2.2)
    rdoc (3.12)
      json (~> 1.4)
    rmagick (2.13.1)
    shoulda (3.0.1)
      shoulda-context (~> 1.0.0)
      shoulda-matchers (~> 1.0.0)
    shoulda-context (1.0.0)
    shoulda-matchers (1.0.0)
    simplecov (0.6.1)
      multi_json (~> 1.0)
      simplecov-html (~> 0.5.3)
    simplecov-html (0.5.3)
    sprite-factory (1.4.2)

PLATFORMS
  ruby

DEPENDENCIES
  jeweler (~> 1.8.3)
  rdoc (~> 3.12)
  rmagick
  shoulda
  simplecov
  sprite-factory
